PATH
  remote: .
  specs:
    ruby-active_action (3.0.1)

GEM
  remote: https://rubygems.org/
  specs:
    activesupport (3.0.20)
    concurrent-ruby (1.1.8)
    diff-lcs (1.4.4)
    i18n (1.8.9)
      concurrent-ruby (~> 1.0)
    rake (12.3.3)
    rspec (3.10.0)
      rspec-core (~> 3.10.0)
      rspec-expectations (~> 3.10.0)
      rspec-mocks (~> 3.10.0)
    rspec-core (3.10.1)
      rspec-support (~> 3.10.0)
    rspec-expectations (3.10.1)
      diff-lcs (>= 1.2.0, < 2.0)
      rspec-support (~> 3.10.0)
    rspec-mocks (3.10.2)
      diff-lcs (>= 1.2.0, < 2.0)
      rspec-support (~> 3.10.0)
    rspec-support (3.10.2)

PLATFORMS
  ruby

DEPENDENCIES
  activesupport (>= 3.0.1)
  i18n (~> 1.8.9)
  rake (~> 12.0)
  rspec (~> 3.0)
  ruby-active_action!

BUNDLED WITH
   2.1.4
